GEM
  remote: https://rubygems.org/
  specs:
    json (1.8.1)
    minitest (5.3.5)
    rake (10.3.2)

PLATFORMS
  ruby

DEPENDENCIES
  json
  minitest (>= 4.7.3)
  rake
