GEM
  remote: https://rubygems.org/
  specs:
    colorize (0.7.3)
    minitest (5.3.5)
    multi_json (1.10.1)
    rake (10.3.2)

PLATFORMS
  ruby

DEPENDENCIES
  colorize (~> 0.7.3)
  minitest (>= 4.7.3)
  multi_json (~> 1.10.1)
  rake
